PATH
  remote: .
  specs:
    silo (0.1.2)
      grit (~> 2.4.1)
      hashery (~> 1.4.0)
      rubikon (~> 0.6.0)

GEM
  remote: http://rubygems.org/
  specs:
    diff-lcs (1.1.3)
    grit (2.4.1)
      diff-lcs (~> 1.1)
      mime-types (~> 1.15)
    hashery (1.4.0)
    mime-types (1.16)
    rake (0.9.2)
    rubikon (0.6.0)
    shoulda (2.11.3)
    yard (0.7.2)

PLATFORMS
  ruby

DEPENDENCIES
  rake (~> 0.9.2)
  shoulda (~> 2.11.3)
  silo!
  yard (~> 0.7.2)
